GIT
  remote: https://github.com/mackerelio/mackerel-client-ruby.git
  revision: 62fe7338bc3fc26d3c5c6b9a086e1518fe3dc626
  specs:
    mackerel-client (0.0.1)
      faraday (~> 0.9)

GEM
  remote: https://rubygems.org/
  specs:
    aws-sdk (1.42.0)
      json (~> 1.4)
      nokogiri (>= 1.4.4)
    dotenv (0.11.1)
      dotenv-deployment (~> 0.0.2)
    dotenv-deployment (0.0.2)
    faraday (0.9.0)
      multipart-post (>= 1.2, < 3)
    json (1.8.1)
    mini_portile2 (2.8.1)
    multipart-post (2.0.0)
    nokogiri (1.14.3)
      mini_portile2 (~> 2.8.0)
      racc (~> 1.4)
    racc (1.6.2)

PLATFORMS
  ruby

DEPENDENCIES
  aws-sdk
  dotenv
  mackerel-client!
